PATH
  remote: .
  glob: *.gemspec
  specs:
    gemspec-bump (0.1.0)
      gemspec (~> 0.2)

GEM
  remote: https://rubygems.org/
  specs:
    activesupport (4.2.1)
      i18n (~> 0.7)
      json (~> 1.7, >= 1.7.7)
      minitest (~> 5.1)
      thread_safe (~> 0.3, >= 0.3.4)
      tzinfo (~> 1.1)
    gemspec (0.2.3)
      activesupport (= 4.2.1)
      memoist (= 0.12.0)
      rake (~> 10.4)
    i18n (0.7.0)
    json (1.8.2)
    memoist (0.12.0)
    minitest (5.7.0)
    minitest-documentation (1.0.0)
      minitest (~> 5.2)
    rake (10.4.2)
    thread_safe (0.3.5)
    tzinfo (1.2.2)
      thread_safe (~> 0.1)

PLATFORMS
  ruby

DEPENDENCIES
  gemspec (~> 0.2)
  gemspec-bump!
  minitest-documentation
  rake (~> 10.4)

BUNDLED WITH
   1.10.0.pre.2
